GEM
  remote: https://rubygems.org/
  specs:
    ast (2.4.2)
    ffi (1.15.5)
    listen (3.7.1)
      rb-fsevent (~> 0.10, >= 0.10.3)
      rb-inotify (~> 0.9, >= 0.9.10)
    parser (3.1.2.1)
      ast (~> 2.4.1)
    rb-fsevent (0.11.2)
    rb-inotify (0.10.1)
      ffi (~> 1.0)
    regexp_parser (2.1.1)
    ruby2js (5.0.1)
      parser
      regexp_parser (~> 2.1.1)

PLATFORMS
  x86_64-linux

DEPENDENCIES
  listen (~> 3.7)
  ruby2js (~> 5.0)

BUNDLED WITH
   2.3.21
